GIT
  remote: git://github.com/pooza/rspotify.git
  revision: 2937e4397e6d163fa0029947ac1b63668204efc8
  specs:
    rspotify (2.2.1)
      omniauth-oauth2 (~> 1.3.1)
      rest-client (~> 2.0.2)

GEM
  remote: https://rubygems.org/
  specs:
    activesupport (5.2.1)
      concurrent-ruby (~> 1.0, >= 1.0.2)
      i18n (>= 0.7, < 2)
      minitest (~> 5.1)
      tzinfo (~> 1.1)
    addressable (2.5.2)
      public_suffix (>= 2.0.2, < 4.0)
    amazon-ecs (2.5.0)
      nokogiri (~> 1.4)
      ruby-hmac (~> 0.3)
    concurrent-ruby (1.0.5)
    daemons (1.2.6)
    domain_name (0.5.20180417)
      unf (>= 0.0.5, < 1.0.0)
    eventmachine (1.2.7)
    faraday (0.12.2)
      multipart-post (>= 1.2, < 3)
    hashie (3.5.7)
    http-cookie (1.0.3)
      domain_name (~> 0.5)
    httparty (0.16.2)
      multi_xml (>= 0.5.2)
    i18n (1.1.0)
      concurrent-ruby (~> 1.0)
    jwt (1.5.6)
    mime-types (3.2.2)
      mime-types-data (~> 3.2015)
    mime-types-data (3.2018.0812)
    mini_portile2 (2.3.0)
    minitest (5.11.3)
    multi_json (1.13.1)
    multi_xml (0.6.0)
    multipart-post (2.0.0)
    mustermann (1.0.3)
    netrc (0.11.0)
    nokogiri (1.8.4)
      mini_portile2 (~> 2.3.0)
    oauth2 (1.4.0)
      faraday (>= 0.8, < 0.13)
      jwt (~> 1.0)
      multi_json (~> 1.3)
      multi_xml (~> 0.5)
      rack (>= 1.2, < 3)
    omniauth (1.8.1)
      hashie (>= 3.4.6, < 3.6.0)
      rack (>= 1.6.2, < 3)
    omniauth-oauth2 (1.3.1)
      oauth2 (~> 1.0)
      omniauth (~> 1.2)
    power_assert (1.1.3)
    public_suffix (3.0.3)
    rack (2.0.5)
    rack-protection (2.0.3)
      rack
    rake (12.3.1)
    rest-client (2.0.2)
      http-cookie (>= 1.0.2, < 2.0)
      mime-types (>= 1.16, < 4.0)
      netrc (~> 0.8)
    ruby-hmac (0.4.0)
    sinatra (2.0.3)
      mustermann (~> 1.0)
      rack (~> 2.0)
      rack-protection (= 2.0.3)
      tilt (~> 2.0)
    syslog-logger (1.6.8)
    test-unit (3.2.8)
      power_assert
    thin (1.7.2)
      daemons (~> 1.0, >= 1.0.9)
      eventmachine (~> 1.0, >= 1.0.4)
      rack (>= 1, < 3)
    thread_safe (0.3.6)
    tilt (2.0.8)
    tzinfo (1.2.5)
      thread_safe (~> 0.1)
    unf (0.1.4)
      unf_ext
    unf_ext (0.0.7.5)

PLATFORMS
  ruby

DEPENDENCIES
  activesupport
  addressable
  amazon-ecs
  httparty
  nokogiri
  rake
  rest-client
  rspotify!
  sinatra
  syslog-logger
  test-unit
  thin

BUNDLED WITH
   1.16.4
